GEM
  remote: https://rubygems.org/
  specs:
    coderay (1.1.3)
    diff-lcs (1.5.0)
    method_source (1.0.0)
    pry (0.14.2)
      coderay (~> 1.1)
      method_source (~> 1.0)
    rspec (3.12.0)
      rspec-core (~> 3.12.0)
      rspec-expectations (~> 3.12.0)
      rspec-mocks (~> 3.12.0)
    rspec-core (3.12.1)
      rspec-support (~> 3.12.0)
    rspec-expectations (3.12.2)
      diff-lcs (>= 1.2.0, < 2.0)
      rspec-support (~> 3.12.0)
    rspec-mocks (3.12.3)
      diff-lcs (>= 1.2.0, < 2.0)
      rspec-support (~> 3.12.0)
    rspec-support (3.12.0)
    sqlite3 (1.4.2)

PLATFORMS
  arm64-darwin-21

DEPENDENCIES
  pry (~> 0.14.1)
  rspec (~> 3.10)
  sqlite3 (~> 1.4)

BUNDLED WITH
   2.3.6
